PATH
  remote: .
  specs:
    thin-preforker (0.0.4)

GEM
  remote: https://rubygems.org/
  specs:
    rake (0.9.2.2)

PLATFORMS
  ruby

DEPENDENCIES
  rake
  thin-preforker!
